GEM
  remote: http://rubygems.org/
  specs:
    bson (1.3.1)
    builder (3.0.0)
    mocha (0.9.12)
    mongo (1.3.1)
      bson (>= 1.3.1)
    rsolr (1.0.2)
      builder (>= 2.1.2)
    shoulda (2.11.3)

PLATFORMS
  ruby

DEPENDENCIES
  mocha
  mongo
  rsolr
  shoulda
