PATH
  remote: .
  specs:
    msolr (0.1)
      hamster
      highline
      mongo (>= 1.3.1)
      rsolr

GEM
  remote: http://rubygems.org/
  specs:
    bson (1.3.1)
    builder (3.0.0)
    hamster (0.4.2)
    highline (1.6.2)
    mocha (0.9.12)
    mongo (1.3.1)
      bson (= 1.3.1)
    rsolr (1.0.2)
      builder (>= 2.1.2)
    shoulda (2.11.3)
    test-unit (2.3.1)

PLATFORMS
  ruby

DEPENDENCIES
  mocha
  msolr!
  shoulda
  test-unit (>= 2.3.0)
